GEM
  remote: https://rubygems.org/
  specs:
    colorize (0.8.1)
    power_assert (2.0.0)
    test-unit (3.4.0)
      power_assert

PLATFORMS
  x86_64-linux

DEPENDENCIES
  colorize (~> 0.8.1)
  test-unit (~> 3.4)

BUNDLED WITH
   2.2.15
